GEM
  remote: https://rubygems.org/
  specs:
    highline (2.0.2)
    oj (3.9.1)

PLATFORMS
  ruby

DEPENDENCIES
  highline (~> 2.0, >= 2.0.2)
  oj (~> 3.9, >= 3.9.1)

BUNDLED WITH
   1.17.2
